GEM
  remote: http://rubygems.org/
  specs:
    builder (3.0.0)
    configuration (1.3.1)
    cucumber (1.1.4)
      builder (>= 2.1.2)
      diff-lcs (>= 1.1.2)
      gherkin (~> 2.7.1)
      json (>= 1.4.6)
      term-ansicolor (>= 1.0.6)
    diff-lcs (1.1.3)
    gherkin (2.7.1)
      json (>= 1.4.6)
    git (1.2.5)
    github (0.6.2)
      highline (~> 1.5.1)
      json_pure (~> 1.5.1)
      launchy (~> 0.3.7)
      text-format (= 1.0.0)
      text-hyphen (= 1.0.0)
    highline (1.5.2)
    jeweler (1.6.4)
      bundler (~> 1.0)
      git (>= 1.2.5)
      rake
    json (1.6.3)
    json_pure (1.5.4)
      spruz (~> 0.2.8)
    launchy (0.3.7)
      configuration (>= 0.0.5)
      rake (>= 0.8.1)
    rake (0.9.2.2)
    rcov (0.9.11)
    rspec (2.3.0)
      rspec-core (~> 2.3.0)
      rspec-expectations (~> 2.3.0)
      rspec-mocks (~> 2.3.0)
    rspec-core (2.3.1)
    rspec-expectations (2.3.0)
      diff-lcs (~> 1.1.2)
    rspec-mocks (2.3.0)
    spruz (0.2.13)
    term-ansicolor (1.0.7)
    text-format (1.0.0)
      text-hyphen (~> 1.0.0)
    text-hyphen (1.0.0)
    yard (0.6.8)

PLATFORMS
  ruby

DEPENDENCIES
  bundler (~> 1.0.0)
  cucumber
  git
  github
  jeweler (~> 1.6.4)
  json
  rcov
  rspec (~> 2.3.0)
  yard (~> 0.6.0)
